GEM
  remote: https://rubygems.org/
  specs:
    dotenv (2.7.5)
    httparty (0.17.3)
      mime-types (~> 3.0)
      multi_xml (>= 0.5.2)
    mime-types (3.3.1)
      mime-types-data (~> 3.2015)
    mime-types-data (3.2019.1009)
    multi_xml (0.6.0)
    oauth (0.5.4)

PLATFORMS
  ruby

DEPENDENCIES
  dotenv
  httparty
  oauth

BUNDLED WITH
   2.0.2
